PATH
  remote: .
  specs:
    ruby-serializer (1.0.0)

GEM
  remote: http://rubygems.org/
  specs:
    awesome_print (1.7.0)
    byebug (9.0.5)
    minitest (5.9.0)
    rake (11.2.2)

PLATFORMS
  ruby

DEPENDENCIES
  awesome_print (~> 1.7)
  byebug (~> 9.0)
  minitest (~> 5.9)
  rake (~> 11.0)
  ruby-serializer!

BUNDLED WITH
   1.12.3
